GEM
  remote: https://rubygems.org/
  specs:
    pg (1.1.3)

PLATFORMS
  ruby

DEPENDENCIES
  pg (~> 1.1, >= 1.1.3)

BUNDLED WITH
   1.17.2
